GEM
  remote: https://rubygems.org/
  specs:
    webrick (1.4.4)

PLATFORMS
  ruby

DEPENDENCIES
  webrick (~> 1.4.2)

RUBY VERSION
   ruby 3.1.4p223

BUNDLED WITH
   1.17.2
