GEM
  remote: https://rubygems.org/
  specs:
    webrick (1.6.1)

PLATFORMS
  ruby

DEPENDENCIES
  webrick (~> 1.6.1)

RUBY VERSION
   ruby 3.1.4p223

BUNDLED WITH
   1.17.2
